GEM
  remote: https://rubygems.org/
  specs:
    rkelly-remix (0.0.7)

PLATFORMS
  ruby

DEPENDENCIES
  rkelly-remix

BUNDLED WITH
   1.10.6
